GEM
  remote: https://rubygems.org/
  specs:
    Hashmaker (1.1.0)
    ipaddr (1.0.0)

PLATFORMS
  ruby

DEPENDENCIES
  Hashmaker (~> 1.0)
  ipaddr

RUBY VERSION
   ruby 2.4.2p198

BUNDLED WITH
   1.16.0.pre.3
